GEM
  remote: http://rubygems.org/
  specs:
    builder (3.0.0)
    rack (1.3.4)
    rack-protection (1.1.4)
      rack
    rdiscount (1.6.8)
    sinatra (1.3.1)
      rack (~> 1.3, >= 1.3.4)
      rack-protection (~> 1.1, >= 1.1.2)
      tilt (~> 1.3, >= 1.3.3)
    tilt (1.3.3)
    xml-sitemap (1.2.1)
      builder (>= 2.0)

PLATFORMS
  ruby

DEPENDENCIES
  rdiscount
  sinatra
  xml-sitemap
